PATH
  remote: .
  specs:
    git_time_extractor (0.3.0)
      git (~> 1.2.6)
      logger (~> 1.2.8)

GEM
  remote: http://rubygems.org/
  specs:
    git (1.2.8)
    logger (1.2.8)

PLATFORMS
  java
  ruby

DEPENDENCIES
  git_time_extractor!
